GEM
  remote: https://rubygems.org/
  specs:
    aws-sdk (2.2.14)
      aws-sdk-resources (= 2.2.14)
    aws-sdk-core (2.2.14)
      jmespath (~> 1.0)
    aws-sdk-resources (2.2.14)
      aws-sdk-core (= 2.2.14)
    coffee-script (2.4.1)
      coffee-script-source
      execjs
    coffee-script-source (1.10.0)
    execjs (2.6.0)
    jmespath (1.1.3)
    zipruby (0.3.6)

PLATFORMS
  ruby

DEPENDENCIES
  aws-sdk
  coffee-script
  zipruby

BUNDLED WITH
   1.11.2
